GEM
  remote: https://rubygems.org/
  specs:
    CFPropertyList (2.2.8)
    debase (0.2.1)
      debase-ruby_core_source
    debase-ruby_core_source (0.8.4)
    diff-lcs (1.2.5)
    facter (2.4.6)
      CFPropertyList (~> 2.2.6)
    hiera (3.0.6)
      json_pure
    json_pure (1.8.3)
    metaclass (0.0.4)
    mocha (1.1.0)
      metaclass (~> 0.0.1)
    puppet (4.3.2)
      facter (> 2.0, < 4)
      hiera (>= 2.0, < 4)
      json_pure
    puppet-lint (1.1.0)
    puppet-syntax (2.1.0)
      rake
    puppetlabs_spec_helper (1.1.0)
      mocha
      puppet-lint
      puppet-syntax
      rake
      rspec-puppet
    rake (13.0.1)
    rspec (3.4.0)
      rspec-core (~> 3.4.0)
      rspec-expectations (~> 3.4.0)
      rspec-mocks (~> 3.4.0)
    rspec-core (3.4.3)
      rspec-support (~> 3.4.0)
    rspec-expectations (3.4.0)
      diff-lcs (>= 1.2.0, < 2.0)
      rspec-support (~> 3.4.0)
    rspec-mocks (3.4.1)
      diff-lcs (>= 1.2.0, < 2.0)
      rspec-support (~> 3.4.0)
    rspec-puppet (2.3.2)
      rspec
    rspec-support (3.4.1)
    ruby-debug-ide (0.6.0)
      rake (>= 0.8.1)

PLATFORMS
  ruby

DEPENDENCIES
  debase (~> 0.2.1)
  puppet (~> 4.3.2)
  puppet-lint (>= 1.0.0)
  puppetlabs_spec_helper (>= 0.8.2)
  ruby-debug-ide (~> 0.6.0)

BUNDLED WITH
   1.11.2
